PATH
  remote: .
  specs:
    elastic_queue (0.0.10)
      activesupport (~> 3.0)
      elasticsearch (~> 0.4)
      will_paginate (~> 3.0)

GEM
  remote: https://rubygems.org/
  specs:
    activesupport (3.2.17)
      i18n (~> 0.6, >= 0.6.4)
      multi_json (~> 1.0)
    diff-lcs (1.2.5)
    elasticsearch (0.4.11)
      elasticsearch-api (= 0.4.11)
      elasticsearch-transport (= 0.4.11)
    elasticsearch-api (0.4.11)
      multi_json
    elasticsearch-transport (0.4.11)
      faraday
      multi_json
    factory_girl (4.4.0)
      activesupport (>= 3.0.0)
    faraday (0.9.0)
      multipart-post (>= 1.2, < 3)
    i18n (0.6.9)
    multi_json (1.9.2)
    multipart-post (2.0.0)
    rake (10.3.1)
    rspec (2.14.1)
      rspec-core (~> 2.14.0)
      rspec-expectations (~> 2.14.0)
      rspec-mocks (~> 2.14.0)
    rspec-core (2.14.8)
    rspec-expectations (2.14.5)
      diff-lcs (>= 1.1.3, < 2.0)
    rspec-mocks (2.14.6)
    sqlite3 (1.3.9)
    will_paginate (3.0.5)

PLATFORMS
  ruby

DEPENDENCIES
  bundler (~> 1.0)
  elastic_queue!
  factory_girl (~> 4.0)
  rake (~> 10.0)
  rspec (~> 2.6)
  sqlite3
